GEM
  remote: https://rubygems.org/
  specs:
    activesupport (7.0.4.2)
      concurrent-ruby (~> 1.0, >= 1.0.2)
      i18n (>= 1.6, < 2)
      minitest (>= 5.1)
      tzinfo (~> 2.0)
    cloud_events (0.7.0)
    concurrent-ruby (1.2.0)
    domain_name (0.5.20190701)
      unf (>= 0.0.5, < 1.0.0)
    functions_framework (0.11.0)
      cloud_events (>= 0.5.1, < 2.a)
      puma (>= 4.3.0, < 6.a)
      rack (~> 2.1)
    http-accept (1.7.0)
    http-cookie (1.0.5)
      domain_name (~> 0.5)
    i18n (1.12.0)
      concurrent-ruby (~> 1.0)
    mime-types (3.4.1)
      mime-types-data (~> 3.2015)
    mime-types-data (3.2022.0105)
    minitest (5.17.0)
    netrc (0.11.0)
    nio4r (2.5.8)
    puma (5.6.5)
      nio4r (~> 2.0)
    rack (2.2.6.2)
    rest-client (2.1.0)
      http-accept (>= 1.7.0, < 2.0)
      http-cookie (>= 1.0.2, < 2.0)
      mime-types (>= 1.16, < 4.0)
      netrc (~> 0.8)
    tzinfo (2.0.6)
      concurrent-ruby (~> 1.0)
    unf (0.1.4)
      unf_ext
    unf_ext (0.0.8.2)

PLATFORMS
  arm64-darwin-22

DEPENDENCIES
  activesupport
  functions_framework (~> 0.7)
  rest-client

BUNDLED WITH
   2.4.5
